GIT
  remote: http://github.com/adamcooper/vestal_versions.git
  revision: ab3bb722278d7fd6332f6250372e0c99187c6531
  specs:
    vestal_versions (1.2.1)
      activerecord (>= 3.0.0)

PATH
  remote: .
  specs:
    liquid_cms (0.3.0.1)
      bundler (>= 1.0.0)
      formatize
      paperclip (~> 2.3.1)
      rails (~> 3.0.0)
      rubyzip (~> 0.9.1)
      simple_form (~> 1.2.0)
      will_paginate (~> 2.3.12)

GEM
  remote: http://rubygems.org/
  specs:
    RedCloth (4.2.3)
    abstract (1.0.0)
    actionmailer (3.0.1)
      actionpack (= 3.0.1)
      mail (~> 2.2.5)
    actionpack (3.0.1)
      activemodel (= 3.0.1)
      activesupport (= 3.0.1)
      builder (~> 2.1.2)
      erubis (~> 2.6.6)
      i18n (~> 0.4.1)
      rack (~> 1.2.1)
      rack-mount (~> 0.6.12)
      rack-test (~> 0.5.4)
      tzinfo (~> 0.3.23)
    activemodel (3.0.1)
      activesupport (= 3.0.1)
      builder (~> 2.1.2)
      i18n (~> 0.4.1)
    activerecord (3.0.1)
      activemodel (= 3.0.1)
      activesupport (= 3.0.1)
      arel (~> 1.0.0)
      tzinfo (~> 0.3.23)
    activeresource (3.0.1)
      activemodel (= 3.0.1)
      activesupport (= 3.0.1)
    activesupport (3.0.1)
    arel (1.0.1)
      activesupport (~> 3.0.0)
    bluecloth (2.0.9)
    builder (2.1.2)
    erubis (2.6.6)
      abstract (>= 1.0.0)
    factory_girl (1.3.2)
    factory_girl_rails (1.0)
      factory_girl (~> 1.3)
      rails (>= 3.0.0.beta4)
    formatize (1.0.1)
      RedCloth (~> 4.2)
      actionpack (~> 3.0)
      bluecloth (~> 2.0)
    i18n (0.4.1)
    mail (2.2.7)
      activesupport (>= 2.3.6)
      mime-types
      treetop (>= 1.4.5)
    mime-types (1.16)
    paperclip (2.3.4)
      activerecord
      activesupport
    polyglot (0.3.1)
    rack (1.2.1)
    rack-mount (0.6.13)
      rack (>= 1.0.0)
    rack-test (0.5.6)
      rack (>= 1.0)
    rails (3.0.1)
      actionmailer (= 3.0.1)
      actionpack (= 3.0.1)
      activerecord (= 3.0.1)
      activeresource (= 3.0.1)
      activesupport (= 3.0.1)
      bundler (~> 1.0.0)
      railties (= 3.0.1)
    railties (3.0.1)
      actionpack (= 3.0.1)
      activesupport (= 3.0.1)
      rake (>= 0.8.4)
      thor (~> 0.14.0)
    rake (0.8.7)
    rubyzip (0.9.4)
    shoulda (2.10.3)
    simple_form (1.2.2)
    sqlite3-ruby (1.3.1)
    thor (0.14.3)
    treetop (1.4.8)
      polyglot (>= 0.3.1)
    tzinfo (0.3.23)
    will_paginate (2.3.15)

PLATFORMS
  ruby

DEPENDENCIES
  bundler (>= 1.0.0)
  factory_girl (~> 1.3.0)
  factory_girl_rails
  formatize
  liquid_cms!
  paperclip (~> 2.3.1)
  rails (~> 3.0.0)
  rubyzip (~> 0.9.1)
  shoulda (~> 2.10.3)
  simple_form (~> 1.2.0)
  sqlite3-ruby
  vestal_versions (~> 1.2.1)!
  will_paginate (~> 2.3.12)
